GEM
  remote: https://rubygems.org/
  specs:
    jwt (2.2.3)
    rack (2.2.2)

PLATFORMS
  ruby

DEPENDENCIES
  jwt
  rack

BUNDLED WITH
   2.1.4
